GEM
  remote: http://rubygems.org/
  specs:
    minitest (2.0.2)

PLATFORMS
  ruby

DEPENDENCIES
  minitest
