PATH
  remote: .
  specs:
    reak (0.2.0.dev)
      kpeg

GEM
  remote: http://rubygems.org/
  specs:
    kpeg (0.8.3)
    minitest (2.5.1)
    rake (0.9.2)

PLATFORMS
  ruby

DEPENDENCIES
  minitest (~> 2.5)
  rake
  reak!
