PATH
  remote: .
  specs:
    reak (0.2.0.dev)

GEM
  specs:
    minitest (2.5.1)
    rake (0.9.2)

PLATFORMS
  ruby

DEPENDENCIES
  minitest (~> 2.5)
  rake
  reak!
